PATH
  remote: .
  specs:
    logglier (0.2.0)

GEM
  remote: http://rubygems.org/
  specs:
    bouncy-castle-java (1.5.0145.2)
    diff-lcs (1.1.2)
    jruby-openssl (0.7.3)
      bouncy-castle-java
    rake (0.8.7)
    rspec (2.5.0)
      rspec-core (~> 2.5.0)
      rspec-expectations (~> 2.5.0)
      rspec-mocks (~> 2.5.0)
    rspec-core (2.5.1)
    rspec-expectations (2.5.0)
      diff-lcs (~> 1.1.2)
    rspec-mocks (2.5.0)

PLATFORMS
  java
  ruby

DEPENDENCIES
  jruby-openssl
  logglier!
  rake
  rspec (~> 2.5.0)
